GEM
  remote: https://rubygems.org/
  specs:
    backports (3.4.0)
    bud (0.9.7)
      backports
      eventmachine
      fastercsv
      getopt
      msgpack
      ruby-graphviz
      ruby2ruby (>= 2.0.1)
      ruby_parser (>= 3.1.0)
      superators19
      syntax
      uuid
    debase (0.0.9)
      debugger-ruby_core_source
    debugger-ruby_core_source (1.3.1)
    eventmachine (1.0.3)
    fastercsv (1.5.5)
    getopt (1.4.1)
    macaddr (1.6.1)
      systemu (~> 2.5.0)
    msgpack (0.5.8)
    polyglot (0.3.3)
    rake (10.1.1)
    ruby-debug-ide (0.4.22)
      rake (>= 0.8.1)
    ruby-graphviz (1.0.9)
    ruby2ruby (2.0.7)
      ruby_parser (~> 3.1)
      sexp_processor (~> 4.0)
    ruby_parser (3.3.0)
      sexp_processor (~> 4.1)
    sexp_processor (4.4.1)
    superators19 (0.9.3)
    syntax (1.2.0)
    systemu (2.5.2)
    treetop (1.4.15)
      polyglot
      polyglot (>= 0.3.1)
    uuid (2.3.7)
      macaddr (~> 1.0)

PLATFORMS
  ruby

DEPENDENCIES
  bud (>= 0.9.7)
  debase
  polyglot
  ruby-debug-ide (>= 0.4.17)
  treetop
